GEM
  remote: https://rubygems.org/
  specs:
    github-markdown (0.6.8)
    redcarpet (3.2.2)
    yard (0.8.7.6)

PLATFORMS
  ruby

DEPENDENCIES
  github-markdown
  redcarpet
  yard
